GEM
  remote: http://rubygems.org/
  specs:
    git (1.2.5)
    jeweler (1.8.4)
      bundler (~> 1.0)
      git (>= 1.2.5)
      rake
      rdoc
    rake (10.0.4)
    rdoc (3.9.5)

PLATFORMS
  ruby

DEPENDENCIES
  jeweler (~> 1.8.4)
  rdoc
