PATH
  remote: .
  specs:
    daemon-ogre (2.1.1)
      tmp (>= 2.2.2)

GEM
  remote: http://rubygems.org/
  specs:
    rake (10.0.4)
    tmp (3.1.0)

PLATFORMS
  ruby

DEPENDENCIES
  bundler
  daemon-ogre!
  rake
