PATH
  remote: .
  specs:
    daemon-ogre (2.2.0)
      configer
      tmp (>= 4.1.0)

GEM
  remote: http://rubygems.org/
  specs:
    configer (2.1.0)
    rake (10.0.4)
    tmp (4.1.0)

PLATFORMS
  ruby

DEPENDENCIES
  bundler
  daemon-ogre!
  rake
