PATH
  remote: .
  specs:
    daemon-ogre (2.0.1)
      argv (>= 2.1.0)
      tmp (>= 2.0.1)

GEM
  remote: http://rubygems.org/
  specs:
    argv (2.1.0)
    rake (10.0.4)
    tmp (2.1.0)

PLATFORMS
  ruby

DEPENDENCIES
  bundler
  daemon-ogre!
  rake
